GEM
  remote: https://rubygems.org/
  specs:
    digest-crc (0.6.4)
      rake (>= 12.0.0, < 14.0.0)
    dotenv (2.8.1)
    rake (13.0.6)
    ruby-kafka (1.5.0)
      digest-crc

PLATFORMS
  x86_64-linux

DEPENDENCIES
  dotenv
  ruby-kafka

BUNDLED WITH
   2.3.22
